GEM
  remote: https://rubygems.org/
  specs:
    docile (1.4.0)
    ffi (1.15.5)
    graphviz (1.2.1)
      process-pipeline
    minitest (5.20.0)
    prettier_print (1.2.1)
    process-group (1.2.4)
      process-terminal (~> 0.2.0)
    process-pipeline (1.0.2)
      process-group
    process-terminal (0.2.0)
      ffi
    rake (13.0.6)
    rubyzip (2.3.2)
    simplecov (0.22.0)
      docile (~> 1.1)
      simplecov-html (~> 0.11)
      simplecov_json_formatter (~> 0.1)
    simplecov-html (0.12.3)
    simplecov_json_formatter (0.1.4)
    syntax_tree (6.1.1)
      prettier_print (>= 1.2.0)

PLATFORMS
  arm64-darwin-22
  x86_64-darwin-21
  x86_64-linux

DEPENDENCIES
  graphviz
  minitest
  rake
  rubyzip
  simplecov
  syntax_tree

BUNDLED WITH
   2.3.6
